NUGET
  remote: https://nuget.org/api/v2
  specs:
    FAKE (4.4.2)
    NUnit (2.6.4)
    NUnit.Runners (2.6.4)
    Shouldly (2.6.0)
